GIT
  remote: https://github.com/benbalter/octokit.rb
  revision: b9653ff3acbefd5d8ef3a5fc39324532a4c35d26
  branch: base64_encoding_fix
  specs:
    octokit (2.1.2)
      sawyer (~> 0.5.0)

GEM
  remote: https://rubygems.org/
  specs:
    addressable (2.3.5)
    dotenv (0.9.0)
    faraday (0.8.8)
      multipart-post (~> 1.2.0)
    multipart-post (1.2.0)
    rack (1.6.13)
    rack-protection (1.5.0)
      rack
    redcarpet (3.0.0)
    redis (3.0.4)
    sawyer (0.5.0)
      addressable (~> 2.3.5)
      faraday (~> 0.8, < 0.10)
    sinatra (1.4.3)
      rack (~> 1.4)
      rack-protection (~> 1.4)
      tilt (~> 1.3, >= 1.3.4)
    sinatra_auth_github (1.0.0)
      sinatra (~> 1.0)
      warden-github (~> 1.0)
    tilt (1.4.1)
    warden (1.2.3)
      rack (>= 1.0)
    warden-github (1.0.0)
      octokit (> 2.1.0)
      warden (> 1.0)

PLATFORMS
  ruby

DEPENDENCIES
  dotenv
  octokit!
  redcarpet
  redis
  sinatra_auth_github
